PATH
  remote: .
  specs:
    talktome (0.2.0)
      mail (~> 2, >= 2.6.6)
      mustache (~> 1)
      path (>= 1.3)
      redcarpet (~> 3)

GEM
  remote: https://rubygems.org/
  specs:
    diff-lcs (1.4.4)
    mail (2.7.1)
      mini_mime (>= 0.1.1)
    mini_mime (1.0.1)
    mustache (1.1.0)
    path (2.0.1)
    rake (12.3.3)
    redcarpet (3.5.1)
    rspec (3.9.0)
      rspec-core (~> 3.9.0)
      rspec-expectations (~> 3.9.0)
      rspec-mocks (~> 3.9.0)
    rspec-core (3.9.2)
      rspec-support (~> 3.9.3)
    rspec-expectations (3.9.2)
      diff-lcs (>= 1.2.0, < 2.0)
      rspec-support (~> 3.9.0)
    rspec-mocks (3.9.1)
      diff-lcs (>= 1.2.0, < 2.0)
      rspec-support (~> 3.9.0)
    rspec-support (3.9.3)

PLATFORMS
  ruby

DEPENDENCIES
  rake (~> 12)
  rspec (~> 3.7)
  talktome!

BUNDLED WITH
   2.0.2
